GIT
  remote: https://github.com/hzalaz/carthage_cache
  revision: ee9f5a5304dd0bd7860fd62b0480424126c51d1b
  branch: travis-for-oss-support
  specs:
    carthage_cache (0.4.0)
      aws-sdk (~> 2.2.3)
      commander (~> 4.3)

GEM
  remote: https://rubygems.org/
  specs:
    activesupport (4.2.6)
      i18n (~> 0.7)
      json (~> 1.7, >= 1.7.7)
      minitest (~> 5.1)
      thread_safe (~> 0.3, >= 0.3.4)
      tzinfo (~> 1.1)
    aws-sdk (2.2.37)
      aws-sdk-resources (= 2.2.37)
    aws-sdk-core (2.2.37)
      jmespath (~> 1.0)
    aws-sdk-resources (2.2.37)
      aws-sdk-core (= 2.2.37)
    claide (1.0.0)
    cocoapods (1.0.1)
      activesupport (>= 4.0.2)
      claide (>= 1.0.0, < 2.0)
      cocoapods-core (= 1.0.1)
      cocoapods-deintegrate (>= 1.0.0, < 2.0)
      cocoapods-downloader (>= 1.0.0, < 2.0)
      cocoapods-plugins (>= 1.0.0, < 2.0)
      cocoapods-search (>= 1.0.0, < 2.0)
      cocoapods-stats (>= 1.0.0, < 2.0)
      cocoapods-trunk (>= 1.0.0, < 2.0)
      cocoapods-try (>= 1.0.0, < 2.0)
      colored (~> 1.2)
      escape (~> 0.0.4)
      fourflusher (~> 0.3.0)
      molinillo (~> 0.4.5)
      nap (~> 1.0)
      xcodeproj (>= 1.1.0, < 2.0)
    cocoapods-core (1.0.1)
      activesupport (>= 4.0.2)
      fuzzy_match (~> 2.0.4)
      nap (~> 1.0)
    cocoapods-deintegrate (1.0.0)
    cocoapods-downloader (1.0.0)
    cocoapods-plugins (1.0.0)
      nap
    cocoapods-search (1.0.0)
    cocoapods-stats (1.0.0)
    cocoapods-trunk (1.0.0)
      nap (>= 0.8, < 2.0)
      netrc (= 0.7.8)
    cocoapods-try (1.0.0)
    colored (1.2)
    commander (4.4.0)
      highline (~> 1.7.2)
    escape (0.0.4)
    fourflusher (0.3.2)
    fuzzy_match (2.0.4)
    highline (1.7.8)
    i18n (0.7.0)
    jmespath (1.2.4)
      json_pure (>= 1.8.1)
    json (1.8.3)
    json_pure (1.8.3)
    minitest (5.9.0)
    molinillo (0.4.5)
    nap (1.1.0)
    netrc (0.7.8)
    rouge (1.11.1)
    thread_safe (0.3.5)
    tzinfo (1.2.2)
      thread_safe (~> 0.1)
    xcodeproj (1.1.0)
      activesupport (>= 3)
      claide (>= 1.0.0, < 2.0)
      colored (~> 1.2)
    xcpretty (0.2.2)
      rouge (~> 1.8)
    xcpretty-travis-formatter (0.0.4)
      xcpretty (~> 0.2, >= 0.0.7)

PLATFORMS
  ruby

DEPENDENCIES
  carthage_cache!
  cocoapods (~> 1.0.0)
  xcpretty-travis-formatter
